GEM
  remote: https://rubygems.org/
  specs:
    amq-protocol (1.9.0)
    amqp (1.1.2)
      amq-protocol (>= 1.9.0)
      eventmachine
    eventmachine (1.0.3)
    eventmachine (1.0.3-java)
    httpclient (2.3.4.1)
    puma (2.6.0)
      rack (>= 1.1, < 2.0)
    puma (2.6.0-java)
      rack (>= 1.1, < 2.0)
    rack (1.5.2)
    rack-protection (1.5.1)
      rack
    sinatra (1.4.4)
      rack (~> 1.4)
      rack-protection (~> 1.4)
      tilt (~> 1.3, >= 1.3.4)
    tilt (1.4.1)

PLATFORMS
  java
  ruby

DEPENDENCIES
  amqp
  eventmachine
  httpclient
  puma
  sinatra
