GEM
  remote: https://rubygems.org/
  specs:
    aws-sdk (1.32.0)
      json (~> 1.4)
      nokogiri (>= 1.4.4)
      uuidtools (~> 2.1)
    json (1.8.1)
    mime-types (1.25.1)
    mini_portile (0.5.2)
    nokogiri (1.6.1)
      mini_portile (~> 0.5.0)
    rainbow (1.99.1)
    rest-client (1.6.7)
      mime-types (>= 1.16)
    uuidtools (2.1.4)

PLATFORMS
  ruby

DEPENDENCIES
  aws-sdk (>= 1.32.0)
  rainbow (>= 1.0.3)
  rest-client (>= 1.6.7)
