GEM
  remote: https://rubygems.org/
  specs:
    aws-sdk (1.32.0)
      json (~> 1.4)
      nokogiri (>= 1.4.4)
      uuidtools (~> 2.1)
    json (1.8.1)
    metaclass (0.0.1)
    mime-types (1.25)
    mini_portile (0.5.2)
    mocha (0.10.0)
      metaclass (~> 0.0.1)
    nokogiri (1.6.1)
      mini_portile (~> 0.5.0)
    rainbow (1.1.3)
    rake (10.1.0)
    rest-client (1.6.7)
      mime-types (>= 1.16)
    terminal-notifier (1.6.0)
    test-unit (2.4.2)
    uuidtools (2.1.4)

PLATFORMS
  ruby

DEPENDENCIES
  aws-sdk (>= 1.32.0)
  mocha (>= 0.10.0)
  rainbow (>= 1.0.3)
  rake (>= 10.1.0)
  rest-client (>= 1.6.7)
  terminal-notifier (>= 1.6.0)
  test-unit (>= 2.4.2)
